GEM
  remote: http://rubygems.org/
  remote: http://gems.github.com/
  specs:
    activesupport (3.1.0)
      multi_json (~> 1.0)
    archive-tar-minitar (0.5.2)
    columnize (0.3.4)
    dependencies (0.0.9)
      thor (~> 0.11)
    i18n (0.6.0)
    linecache19 (0.5.12)
      ruby_core_source (>= 0.1.4)
    monk (0.0.7)
      dependencies (>= 0.0.7)
      thor (~> 0.11)
    multi_json (1.0.3)
    nest (1.1.0)
      redis (~> 2.1)
    ohm (0.1.3)
      nest (~> 1.0)
    rack (1.3.3)
    redis (2.2.2)
    ruby-debug-base19 (0.11.25)
      columnize (>= 0.3.1)
      linecache19 (>= 0.5.11)
      ruby_core_source (>= 0.1.4)
    ruby-debug19 (0.11.6)
      columnize (>= 0.3.1)
      linecache19 (>= 0.5.11)
      ruby-debug-base19 (>= 0.11.19)
    ruby_core_source (0.1.5)
      archive-tar-minitar (>= 0.5.2)
    sass (3.1.7)
    sinatra (1.2.6)
      rack (~> 1.1)
      tilt (< 2.0, >= 1.2.2)
    slim (1.0.2)
      temple (~> 0.3.3)
      tilt (~> 1.3.2)
    temple (0.3.4)
    thor (0.14.6)
    tilt (1.3.3)

PLATFORMS
  ruby

DEPENDENCIES
  activesupport
  i18n
  monk
  ohm
  redis
  ruby-debug19
  sass
  sinatra
  slim
  thor
