GEM
  remote: http://rubygems.org/
  remote: http://gems.github.com/
  specs:
    dependencies (0.0.9)
      thor (~> 0.11)
    haml (3.1.2)
    i18n (0.6.0)
    monk (0.0.7)
      dependencies (>= 0.0.7)
      thor (~> 0.11)
    nest (1.1.0)
      redis (~> 2.1)
    ohm (0.1.3)
      nest (~> 1.0)
    redis (2.2.2)
    sass (3.1.7)
    thor (0.14.6)

PLATFORMS
  ruby

DEPENDENCIES
  haml
  i18n
  monk
  ohm
  sass
  thor
