GEM
  remote: http://rubygems.org/
  remote: http://gems.github.com/
  specs:
    contest (0.1.3)
    dependencies (0.0.9)
      thor (~> 0.11)
    faker (1.0.0)
      i18n (~> 0.4)
    haml (3.1.2)
    hoe (2.12.3)
      rake (~> 0.8)
    i18n (0.6.0)
    maruku (0.6.0)
      syntax (>= 1.0.0)
    monk (0.0.7)
      dependencies (>= 0.0.7)
      thor (~> 0.11)
    monk-glue (0.0.1)
    nest (1.1.0)
      redis (~> 2.1)
    nokogiri (1.5.0)
    ohm (0.1.3)
      nest (~> 1.0)
    ohm-contrib (0.1.1)
      ohm
    override (0.0.10)
    quietbacktrace (0.1.1)
      hoe (>= 1.3.0)
    rack (1.3.2)
    rack-test (0.6.1)
      rack (>= 1.0)
    rake (0.9.2)
    redis (2.2.2)
    sass (3.1.7)
    sinatra (1.2.6)
      rack (~> 1.1)
      tilt (>= 1.2.2, < 2.0)
    spawn (0.1.4)
    stories (0.1.3)
      contest (~> 0.1)
    syntax (1.0.0)
    thor (0.14.6)
    tilt (1.3.3)
    webrat (0.7.3)
      nokogiri (>= 1.2.0)
      rack (>= 1.0)
      rack-test (>= 0.5.3)

PLATFORMS
  ruby

DEPENDENCIES
  contest
  faker
  haml
  i18n
  maruku
  monk
  monk-glue
  nest
  ohm
  ohm-contrib
  override
  quietbacktrace
  rack
  rack-test
  sass
  sinatra
  spawn
  stories
  syntax
  thor
  webrat
